GEM
  remote: http://rubygems.org/
  specs:
    actionmailer (2.3.7)
      actionpack (= 2.3.7)
    actionpack (2.3.7)
      activesupport (= 2.3.7)
      rack (~> 1.1.0)
    activerecord (2.3.7)
      activesupport (= 2.3.7)
    activeresource (2.3.7)
      activesupport (= 2.3.7)
    activesupport (2.3.7)
    geokit (1.6.5)
      multi_json
    geokit-rails (1.1.4)
      geokit (>= 1.5.0)
    haml (3.1.2)
    multi_json (1.3.6)
    mysql (2.7)
    rack (1.1.3)
    rails (2.3.7)
      actionmailer (= 2.3.7)
      actionpack (= 2.3.7)
      activerecord (= 2.3.7)
      activeresource (= 2.3.7)
      activesupport (= 2.3.7)
      rake (>= 0.8.3)
    rails-footnotes (3.6.7)
    rake (0.9.2.2)
    will_paginate (2.3.16)

PLATFORMS
  ruby

DEPENDENCIES
  geokit
  geokit-rails
  haml
  mysql
  rails (= 2.3.7)
  rails-footnotes
  will_paginate (= 2.3.16)
