GEM
  remote: http://rubygems.org/
  specs:
    actionmailer (2.3.5)
      actionpack (= 2.3.5)
    actionpack (2.3.5)
      activesupport (= 2.3.5)
      rack (~> 1.0.0)
    activerecord (2.3.5)
      activesupport (= 2.3.5)
    activeresource (2.3.5)
      activesupport (= 2.3.5)
    activesupport (2.3.5)
    geokit (1.6.5)
      multi_json
    geokit-rails (1.1.4)
      geokit (>= 1.5.0)
    haml (3.1.2)
    multi_json (1.3.6)
    mysql (2.7)
    rack (1.0.1)
    rails (2.3.5)
      actionmailer (= 2.3.5)
      actionpack (= 2.3.5)
      activerecord (= 2.3.5)
      activeresource (= 2.3.5)
      activesupport (= 2.3.5)
      rake (>= 0.8.3)
    rails-footnotes (3.6.7)
    rake (0.9.2)
    will_paginate (2.3.16)

PLATFORMS
  ruby

DEPENDENCIES
  geokit
  geokit-rails
  haml
  mysql
  rails (= 2.3.5)
  rails-footnotes
  will_paginate (= 2.3.16)
